GEM
  remote: https://rubygems.org/
  specs:
    asana (0.5.0)
      faraday (~> 0.9)
      faraday_middleware (~> 0.9)
      faraday_middleware-multi_json (~> 0.0)
      oauth2 (~> 1.0)
    colorize (0.8.1)
    faraday (0.9.2)
      multipart-post (>= 1.2, < 3)
    faraday_middleware (0.10.0)
      faraday (>= 0.7.4, < 0.10)
    faraday_middleware-multi_json (0.0.6)
      faraday_middleware
      multi_json
    jwt (1.5.1)
    multi_json (1.11.2)
    multi_xml (0.5.5)
    multipart-post (2.0.0)
    oauth2 (1.1.0)
      faraday (>= 0.8, < 0.10)
      jwt (~> 1.0, < 1.5.2)
      multi_json (~> 1.3)
      multi_xml (~> 0.5)
      rack (>= 1.2, < 3)
    rack (1.6.4)

PLATFORMS
  ruby

DEPENDENCIES
  asana
  colorize
  faraday

BUNDLED WITH
   1.13.6
